GEM
  remote: https://rubygems.org/
  specs:
    equalizer (0.0.7)
    hexp (0.2.0)
      equalizer (~> 0.0)
      ice_nine (~> 0.8)
      nokogiri (~> 1.6)
      sass (~> 3.2)
    ice_nine (0.10.0)
    kramdown (1.2.0)
    mini_portile (0.5.2)
    nokogiri (1.6.0)
      mini_portile (~> 0.5.0)
    rake (10.1.0)
    sass (3.2.12)
    slippery (0.0.1)
      hexp (~> 0.0)
      kramdown (~> 1.1)

PLATFORMS
  ruby

DEPENDENCIES
  rake
  slippery
