GEM
  remote: https://rubygems.org/
  specs:
    adamantium (0.2.0)
      ice_nine (~> 0.11.0)
      memoizable (~> 0.4.0)
    asset_packer (0.1.0)
      hexp (~> 0.3.3)
      mime-types (~> 2.2)
    concord (0.1.4)
      adamantium (~> 0.1)
      equalizer (~> 0.0.7)
    equalizer (0.0.9)
    ffi (1.9.3)
    hexp (0.3.3)
      equalizer (~> 0.0)
      ice_nine (~> 0.9)
      nokogiri (~> 1.6)
      sass (~> 3.2.19)
    ice_nine (0.11.0)
    kramdown (1.3.3)
    memoizable (0.4.2)
      thread_safe (~> 0.3, >= 0.3.1)
    mime-types (2.2)
    mini_portile (0.5.3)
    nokogiri (1.6.1)
      mini_portile (~> 0.5.0)
    rake (10.3.1)
    rb-inotify (0.9.3)
      ffi (>= 0.5.0)
    sass (3.2.19)
    slippery (0.2.0)
      asset_packer (~> 0.1.0)
      concord (~> 0.1.4)
      hexp (~> 0.3.3)
      kramdown (~> 1.1)
      rake (~> 10.1)
      rb-inotify (~> 0.9.3)
    thread_safe (0.3.3)

PLATFORMS
  ruby

DEPENDENCIES
  rake
  slippery
